GEM
  remote: https://rubygems.org/
  specs:
    jekyll-postcss (0.5.0)

PLATFORMS
  x86_64-linux

DEPENDENCIES
  jekyll-postcss

BUNDLED WITH
   2.3.8
